PATH
  remote: .
  specs:
    rmodbus-ccutrer (2.1.0)
      digest-crc (~> 0.1)

GEM
  remote: http://rubygems.org/
  specs:
    ccutrer-serialport (1.0.0)
      ffi (~> 1.9, >= 1.9.3)
    diff-lcs (1.4.4)
    digest-crc (0.6.4)
      rake (>= 12.0.0, < 14.0.0)
    ffi (1.15.3)
    gserver (0.0.1)
    rake (13.0.6)
    rspec (2.99.0)
      rspec-core (~> 2.99.0)
      rspec-expectations (~> 2.99.0)
      rspec-mocks (~> 2.99.0)
    rspec-core (2.99.2)
    rspec-expectations (2.99.2)
      diff-lcs (>= 1.1.3, < 2.0)
    rspec-mocks (2.99.4)

PLATFORMS
  ruby

DEPENDENCIES
  bundler (~> 2.2)
  ccutrer-serialport (~> 1.0.0)
  gserver (~> 0.0)
  rake (~> 13.0)
  rmodbus-ccutrer!
  rspec (~> 2.99)

BUNDLED WITH
   2.2.26
